PATH
  remote: .
  specs:
    mufon_news (0.1.0)
      nokogiri (>= 1.8.5)

GEM
  remote: https://rubygems.org/
  specs:
    mini_portile2 (2.3.0)
    nokogiri (>= 1.8.5)
      mini_portile2 (~> 2.3.0)

PLATFORMS
  ruby

DEPENDENCIES
  bundler (~> 1.16)
  mufon_news!

BUNDLED WITH
   1.16.0
